GEM
  remote: https://rubygems.org/
  specs:
    actionmailer (6.1.7.4)
      actionpack (= 6.1.7.4)
      actionview (= 6.1.7.4)
      activejob (= 6.1.7.4)
      activesupport (= 6.1.7.4)
      mail (~> 2.5, >= 2.5.4)
      rails-dom-testing (~> 2.0)
    actionmailer_inline_css (1.6.0)
      actionmailer (>= 3.0.0)
      nokogiri (>= 1.7.0)
      premailer (>= 1.11.0)
    actionpack (6.1.7.4)
      actionview (= 6.1.7.4)
      activesupport (= 6.1.7.4)
      rack (~> 2.0, >= 2.0.9)
      rack-test (>= 0.6.3)
      rails-dom-testing (~> 2.0)
      rails-html-sanitizer (~> 1.0, >= 1.2.0)
    actionview (6.1.7.4)
      activesupport (= 6.1.7.4)
      builder (~> 3.1)
      erubi (~> 1.4)
      rails-dom-testing (~> 2.0)
      rails-html-sanitizer (~> 1.1, >= 1.2.0)
    activejob (6.1.7.4)
      activesupport (= 6.1.7.4)
      globalid (>= 0.3.6)
    activemodel (6.1.7.4)
      activesupport (= 6.1.7.4)
    activemodel-serializers-xml (1.0.2)
      activemodel (> 5.x)
      activesupport (> 5.x)
      builder (~> 3.1)
    activerecord (6.1.7.4)
      activemodel (= 6.1.7.4)
      activesupport (= 6.1.7.4)
    activesupport (6.1.7.4)
      concurrent-ruby (~> 1.0, >= 1.0.2)
      i18n (>= 1.6, < 2)
      minitest (>= 5.1)
      tzinfo (~> 2.0)
      zeitwerk (~> 2.3)
    addressable (2.8.1)
      public_suffix (>= 2.0.2, < 6.0)
    airbrake (13.0.5)
      airbrake-ruby (~> 6.0)
    airbrake-ruby (6.2.2)
      rbtree3 (~> 0.6)
    ast (2.4.3)
    bcrypt (3.1.19)
    bcrypt (3.1.19-java)
    better_errors (2.10.1)
      erubi (>= 1.0.0)
      rack (>= 0.9.0)
      rouge (>= 1.0.0)
    bigdecimal (3.1.9)
    bigdecimal (3.1.9-java)
    binding_of_caller (1.0.1)
      debug_inspector (>= 1.2.0)
    bson (4.15.0)
    bson (4.15.0-java)
    builder (3.3.0)
    capybara (3.40.0)
      addressable
      matrix
      mini_mime (>= 0.1.3)
      nokogiri (~> 1.11)
      rack (>= 1.6.0)
      rack-test (>= 0.6.3)
      regexp_parser (>= 1.5, < 3.0)
      xpath (~> 3.2)
    cgi (0.5.0)
    cgi (0.5.0-java)
    childprocess (5.1.0)
      logger (~> 1.5)
    cliver (0.3.2)
    coderay (1.1.3)
    concurrent-ruby (1.3.4)
    coveralls (0.8.23)
      json (>= 1.8, < 3)
      simplecov (~> 0.16.1)
      term-ansicolor (~> 1.3)
      thor (>= 0.19.4, < 2.0)
      tins (~> 1.6)
    crass (1.0.6)
    css_parser (1.11.0)
      addressable
    date (3.4.1)
    date (3.4.1-java)
    debug (1.11.0)
      irb (~> 1.10)
      reline (>= 0.3.8)
    debug_inspector (1.2.0)
    decent_exposure (3.0.4)
      activesupport (>= 4.0)
    devise (4.8.1)
      bcrypt (~> 3.0)
      orm_adapter (~> 0.1)
      railties (>= 4.1.0)
      responders
      warden (~> 1.2.3)
    diff-lcs (1.5.1)
    docile (1.4.1)
    dotenv (2.8.1)
    dotenv-rails (2.8.1)
      dotenv (= 2.8.1)
      railties (>= 3.2)
    draper (4.0.2)
      actionpack (>= 5.0)
      activemodel (>= 5.0)
      activemodel-serializers-xml (>= 1.0)
      activesupport (>= 5.0)
      request_store (>= 1.0)
      ruby2_keywords
    email_spec (2.3.0)
      htmlentities (~> 4.3.3)
      launchy (>= 2.1, < 4.0)
      mail (~> 2.7)
    erb (4.0.4)
      cgi (>= 0.3.3)
    erb (4.0.4-java)
      cgi (>= 0.3.3)
    errbit_plugin (0.6.0)
    erubi (1.13.1)
    execjs (2.8.1)
    fabrication (2.31.0)
    ffi (1.15.5)
    ffi (1.15.5-java)
    font-awesome-rails (4.7.0.8)
      railties (>= 3.2, < 8.0)
    globalid (1.2.1)
      activesupport (>= 6.1)
    haml (5.2.2)
      temple (>= 0.8.0)
      tilt
    htmlentities (4.3.4)
    i18n (1.14.6)
      concurrent-ruby (~> 1.0)
    io-console (0.8.1)
    io-console (0.8.1-java)
    irb (1.15.2)
      pp (>= 0.6.0)
      rdoc (>= 4.0.0)
      reline (>= 0.4.2)
    jar-dependencies (0.5.5)
    jquery-rails (4.5.0)
      rails-dom-testing (>= 1, < 3)
      railties (>= 4.2.0)
      thor (>= 0.14, < 2.0)
    json (2.13.2)
    json (2.13.2-java)
    kaminari (1.2.2)
      activesupport (>= 4.1.0)
      kaminari-actionview (= 1.2.2)
      kaminari-activerecord (= 1.2.2)
      kaminari-core (= 1.2.2)
    kaminari-actionview (1.2.2)
      actionview
      kaminari-core (= 1.2.2)
    kaminari-activerecord (1.2.2)
      activerecord
      kaminari-core (= 1.2.2)
    kaminari-core (1.2.2)
    kaminari-mongoid (1.0.2)
      kaminari-core (~> 1.0)
      mongoid
    language_server-protocol (3.17.0.5)
    launchy (3.0.1)
      addressable (~> 2.8)
      childprocess (~> 5.0)
    libv8-node (18.19.0.0)
    libv8-node (18.19.0.0-arm64-darwin)
    libv8-node (18.19.0.0-x86_64-darwin)
    libv8-node (18.19.0.0-x86_64-linux)
    lint_roller (1.1.0)
    listen (3.9.0)
      rb-fsevent (~> 0.10, >= 0.10.3)
      rb-inotify (~> 0.9, >= 0.9.10)
    logger (1.6.4)
    loofah (2.24.0)
      crass (~> 1.0.2)
      nokogiri (>= 1.12.0)
    mail (2.8.1)
      mini_mime (>= 0.1.1)
      net-imap
      net-pop
      net-smtp
    matrix (0.4.2)
    meta_request (0.8.5)
      rack-contrib (>= 1.1, < 3)
      railties (>= 3.0.0, < 9)
    method_source (1.1.0)
    mini_mime (1.1.5)
    mini_portile2 (2.8.8)
    mini_racer (0.16.0)
      libv8-node (~> 18.19.0.0)
    minitest (5.25.4)
    mongo (2.18.1)
      bson (>= 4.14.1, < 5.0.0)
    mongoid (8.0.2)
      activemodel (>= 5.1, < 7.1, != 7.0.0)
      mongo (>= 2.18.0, < 3.0.0)
      ruby2_keywords (~> 0.0.5)
    mongoid-compatibility (1.0.0)
      activesupport
      mongoid (>= 2.0)
    mongoid-rspec (4.2.0)
      mongoid (>= 3.0, < 10.0)
      mongoid-compatibility (>= 0.5.1)
    net-imap (0.5.4)
      date
      net-protocol
    net-pop (0.1.2)
      net-protocol
    net-protocol (0.2.2)
      timeout
    net-smtp (0.5.0)
      net-protocol
    nio4r (2.7.4)
    nio4r (2.7.4-java)
    nokogiri (1.18.1)
      mini_portile2 (~> 2.8.2)
      racc (~> 1.4)
    nokogiri (1.18.1-arm64-darwin)
      racc (~> 1.4)
    nokogiri (1.18.1-java)
      racc (~> 1.4)
    nokogiri (1.18.1-x86_64-darwin)
      racc (~> 1.4)
    nokogiri (1.18.1-x86_64-linux-gnu)
      racc (~> 1.4)
    orm_adapter (0.5.0)
    parallel (1.27.0)
    parser (3.3.9.0)
      ast (~> 2.4.1)
      racc
    phantomjs (2.1.1.0)
    pjax_rails (0.5.1)
      jquery-rails
      railties (>= 4.0)
    poltergeist (1.18.1)
      capybara (>= 2.1, < 4)
      cliver (~> 0.3.1)
      websocket-driver (>= 0.2.0)
    pp (0.6.2)
      prettyprint
    premailer (1.16.0)
      addressable
      css_parser (>= 1.6.0)
      htmlentities (>= 4.0.0)
    prettyprint (0.2.0)
    prism (1.4.0)
    pry (0.14.1)
      coderay (~> 1.1)
      method_source (~> 1.0)
    pry (0.14.1-java)
      coderay (~> 1.1)
      method_source (~> 1.0)
      spoon (~> 0.0)
    pry-rails (0.3.9)
      pry (>= 0.10.4)
    psych (5.2.6)
      date
      stringio
    psych (5.2.6-java)
      date
      jar-dependencies (>= 0.1.7)
    public_suffix (5.0.0)
    puma (6.6.1)
      nio4r (~> 2.0)
    puma (6.6.1-java)
      nio4r (~> 2.0)
    racc (1.8.1)
    racc (1.8.1-java)
    rack (2.2.17)
    rack-contrib (2.5.0)
      rack (< 4)
    rack-ssl (1.4.1)
      rack
    rack-ssl-enforcer (0.2.9)
    rack-test (2.2.0)
      rack (>= 1.3)
    rails-controller-testing (1.0.5)
      actionpack (>= 5.0.1.rc1)
      actionview (>= 5.0.1.rc1)
      activesupport (>= 5.0.1.rc1)
    rails-dom-testing (2.2.0)
      activesupport (>= 5.0.0)
      minitest
      nokogiri (>= 1.6)
    rails-html-sanitizer (1.6.2)
      loofah (~> 2.21)
      nokogiri (>= 1.15.7, != 1.16.7, != 1.16.6, != 1.16.5, != 1.16.4, != 1.16.3, != 1.16.2, != 1.16.1, != 1.16.0.rc1, != 1.16.0)
    railties (6.1.7.4)
      actionpack (= 6.1.7.4)
      activesupport (= 6.1.7.4)
      method_source
      rake (>= 12.2)
      thor (~> 1.0)
    rainbow (3.1.1)
    rake (13.2.1)
    rb-fsevent (0.11.2)
    rb-inotify (0.11.1)
      ffi (~> 1.0)
    rbtree3 (0.7.1)
    rdoc (6.14.2)
      erb
      psych (>= 4.0.0)
    regexp_parser (2.11.1)
    reline (0.6.2)
      io-console (~> 0.5)
    request_store (1.5.1)
      rack (>= 1.4)
    responders (3.0.1)
      actionpack (>= 5.0)
      railties (>= 5.0)
    rinku (2.0.6)
    rouge (4.5.1)
    rspec (3.13.0)
      rspec-core (~> 3.13.0)
      rspec-expectations (~> 3.13.0)
      rspec-mocks (~> 3.13.0)
    rspec-activemodel-mocks (1.2.1)
      activemodel (>= 3.0)
      activesupport (>= 3.0)
      rspec-mocks (>= 2.99, < 4.0)
    rspec-core (3.13.2)
      rspec-support (~> 3.13.0)
    rspec-expectations (3.13.3)
      diff-lcs (>= 1.2.0, < 2.0)
      rspec-support (~> 3.13.0)
    rspec-mocks (3.13.2)
      diff-lcs (>= 1.2.0, < 2.0)
      rspec-support (~> 3.13.0)
    rspec-rails (6.1.5)
      actionpack (>= 6.1)
      activesupport (>= 6.1)
      railties (>= 6.1)
      rspec-core (~> 3.13)
      rspec-expectations (~> 3.13)
      rspec-mocks (~> 3.13)
      rspec-support (~> 3.13)
    rspec-support (3.13.2)
    rubocop (1.79.2)
      json (~> 2.3)
      language_server-protocol (~> 3.17.0.2)
      lint_roller (~> 1.1.0)
      parallel (~> 1.10)
      parser (>= 3.3.0.2)
      rainbow (>= 2.2.2, < 4.0)
      regexp_parser (>= 2.9.3, < 3.0)
      rubocop-ast (>= 1.46.0, < 2.0)
      ruby-progressbar (~> 1.7)
      unicode-display_width (>= 2.4.0, < 4.0)
    rubocop-ast (1.46.0)
      parser (>= 3.3.7.2)
      prism (~> 1.4)
    rubocop-performance (1.25.0)
      lint_roller (~> 1.1)
      rubocop (>= 1.75.0, < 2.0)
      rubocop-ast (>= 1.38.0, < 2.0)
    rubocop-rails (2.32.0)
      activesupport (>= 4.2.0)
      lint_roller (~> 1.1)
      rack (>= 1.1)
      rubocop (>= 1.75.0, < 2.0)
      rubocop-ast (>= 1.44.0, < 2.0)
    rubocop-shopify (2.17.1)
      rubocop (~> 1.62)
    ruby-progressbar (1.13.0)
    ruby2_keywords (0.0.5)
    sass-rails (6.0.0)
      sassc-rails (~> 2.1, >= 2.1.1)
    sassc (2.4.0)
      ffi (~> 1.9)
    sassc-rails (2.1.2)
      railties (>= 4.0.0)
      sassc (>= 2.0)
      sprockets (> 3.0)
      sprockets-rails
      tilt
    simplecov (0.16.1)
      docile (~> 1.1)
      json (>= 1.8, < 3)
      simplecov-html (~> 0.10.0)
    simplecov-html (0.10.2)
    spoon (0.0.6)
      ffi
    sprockets (4.1.1)
      concurrent-ruby (~> 1.0)
      rack (> 1, < 3)
    sprockets-rails (3.4.2)
      actionpack (>= 5.2)
      activesupport (>= 5.2)
      sprockets (>= 3.0.0)
    stringio (3.1.7)
    sucker_punch (3.0.1)
      concurrent-ruby (~> 1.0)
    sync (0.5.0)
    temple (0.8.2)
    term-ansicolor (1.11.2)
      tins (~> 1.0)
    thor (1.3.2)
    tilt (2.0.11)
    timecop (0.9.10)
    timeout (0.4.3)
    tins (1.37.1)
      bigdecimal
      sync
    tzinfo (2.0.6)
      concurrent-ruby (~> 1.0)
    uglifier (4.2.0)
      execjs (>= 0.3.0, < 3)
    underscore-rails (1.8.3)
    unicode-display_width (3.1.4)
      unicode-emoji (~> 4.0, >= 4.0.4)
    unicode-emoji (4.0.4)
    useragent (0.16.10)
    warden (1.2.9)
      rack (>= 2.0.9)
    websocket-driver (0.7.6)
      websocket-extensions (>= 0.1.0)
    websocket-driver (0.7.6-java)
      websocket-extensions (>= 0.1.0)
    websocket-extensions (0.1.5)
    xpath (3.2.0)
      nokogiri (~> 1.8)
    zeitwerk (2.6.18)

PLATFORMS
  arm64-darwin
  arm64-darwin-22
  java
  ruby
  x86_64-darwin
  x86_64-linux

DEPENDENCIES
  actionmailer (~> 6.1)
  actionmailer_inline_css
  actionpack (~> 6.1)
  airbrake
  better_errors
  binding_of_caller
  capybara
  coveralls
  debug
  decent_exposure
  devise
  dotenv-rails
  draper
  email_spec
  errbit_plugin
  fabrication
  font-awesome-rails
  haml
  htmlentities
  jquery-rails
  json
  kaminari
  kaminari-mongoid
  launchy
  listen (~> 3.1)
  meta_request
  mini_racer
  mongoid
  mongoid-rspec
  net-imap
  net-pop
  net-smtp
  phantomjs
  pjax_rails
  poltergeist
  pry-rails
  puma
  rack-ssl
  rack-ssl-enforcer
  rails-controller-testing
  railties (~> 6.1)
  rake
  rinku
  rspec
  rspec-activemodel-mocks
  rspec-rails
  rubocop
  rubocop-performance
  rubocop-rails
  rubocop-shopify
  sass-rails
  sucker_punch
  timecop
  uglifier
  underscore-rails
  useragent

RUBY VERSION
   ruby 3.1.3p185

BUNDLED WITH
   2.6.2
